PATH
  remote: .
  specs:
    beardly_view_tool (0.1.3)

GEM
  remote: https://rubygems.org/
  specs:
    rake (12.3.3)

PLATFORMS
  ruby

DEPENDENCIES
  beardly_view_tool!
  rake (~> 12.0)

BUNDLED WITH
   2.1.4
